GEM
  remote: https://rubygems.org/
  specs:
    sugarcube (1.0.1)

PLATFORMS
  ruby

DEPENDENCIES
  sugarcube
